GEM
  remote: http://rubygems.org/
  specs:
    actionmailer (3.2.22.5)
      actionpack (= 3.2.22.5)
      mail (~> 2.5.4)
    actionpack (3.2.22.5)
      activemodel (= 3.2.22.5)
      activesupport (= 3.2.22.5)
      builder (~> 3.0.0)
      erubis (~> 2.7.0)
      journey (~> 1.0.4)
      rack (~> 1.4.5)
      rack-cache (~> 1.2)
      rack-test (~> 0.6.1)
      sprockets (~> 2.2.1)
    activemodel (3.2.22.5)
      activesupport (= 3.2.22.5)
      builder (~> 3.0.0)
    activerecord (3.2.22.5)
      activemodel (= 3.2.22.5)
      activesupport (= 3.2.22.5)
      arel (~> 3.0.2)
      tzinfo (~> 0.3.29)
    activeresource (3.2.22.5)
      activemodel (= 3.2.22.5)
      activesupport (= 3.2.22.5)
    activesupport (3.2.22.5)
      i18n (~> 0.6, >= 0.6.4)
      multi_json (~> 1.0)
    addressable (2.6.0)
      public_suffix (>= 2.0.2, < 4.0)
    arel (3.0.3)
    aruba (0.8.1)
      childprocess (~> 0.5.6)
      contracts (~> 0.9)
      cucumber (>= 1.3.19)
      rspec-expectations (>= 2.99)
    aws-eventstream (1.0.2)
    aws-sdk (2.11.260)
      aws-sdk-resources (= 2.11.260)
    aws-sdk-core (2.11.260)
      aws-sigv4 (~> 1.0)
      jmespath (~> 1.0)
    aws-sdk-resources (2.11.260)
      aws-sdk-core (= 2.11.260)
    aws-sigv4 (1.1.0)
      aws-eventstream (~> 1.0, >= 1.0.2)
    backports (3.13.0)
    blacklight (4.6.3)
      bootstrap-sass (>= 2.2.0, < 2.4)
      deprecation
      kaminari (~> 0.13)
      marc (>= 0.4.3, < 1.1)
      nokogiri (~> 1.6)
      rails (>= 3.2.6, < 5)
      rsolr (~> 1.0.6)
      sass-rails
    blacklight_range_limit (2.2.0)
      blacklight (~> 4.0)
      jquery-rails
      rails (>= 3.0, < 5.0)
    bootstrap-sass (2.3.2.2)
      sass (~> 3.2)
    builder (3.0.4)
    callsite (0.0.11)
    capybara (2.18.0)
      addressable
      mini_mime (>= 0.1.3)
      nokogiri (>= 1.3.3)
      rack (>= 1.0.0)
      rack-test (>= 0.5.4)
      xpath (>= 2.0, < 4.0)
    carrierwave (0.11.2)
      activemodel (>= 3.2.0)
      activesupport (>= 3.2.0)
      json (>= 1.7)
      mime-types (>= 1.16)
      mimemagic (>= 0.3.0)
    childprocess (0.5.9)
      ffi (~> 1.0, >= 1.0.11)
    chunky_png (1.3.11)
    cmless (1.0.0)
      nokogiri (~> 1.6)
      redcarpet (~> 3.2)
    coderay (1.1.2)
    coffee-rails (3.2.2)
      coffee-script (>= 2.2.0)
      railties (~> 3.2.0)
    coffee-script (2.4.1)
      coffee-script-source
      execjs
    coffee-script-source (1.12.2)
    compass (0.12.7)
      chunky_png (~> 1.2)
      fssm (>= 0.2.7)
      sass (~> 3.2.19)
    concurrent-ruby (1.1.5)
    contracts (0.16.0)
    cucumber (3.1.2)
      builder (>= 2.1.2)
      cucumber-core (~> 3.2.0)
      cucumber-expressions (~> 6.0.1)
      cucumber-wire (~> 0.0.1)
      diff-lcs (~> 1.3)
      gherkin (~> 5.1.0)
      multi_json (>= 1.7.5, < 2.0)
      multi_test (>= 0.1.2)
    cucumber-core (3.2.1)
      backports (>= 3.8.0)
      cucumber-tag_expressions (~> 1.1.0)
      gherkin (~> 5.0)
    cucumber-expressions (6.0.1)
    cucumber-tag_expressions (1.1.1)
    cucumber-wire (0.0.1)
    curb (0.9.10)
    database_cleaner (1.7.0)
    deprecation (1.0.0)
      activesupport
    diff-lcs (1.3)
    dotenv (0.8.0)
    dotenv-rails (0.8.0)
      dotenv (= 0.8.0)
    erubis (2.7.0)
    execjs (2.7.0)
    factory_girl (4.9.0)
      activesupport (>= 3.0.0)
    factory_girl_rails (4.9.0)
      factory_girl (~> 4.9.0)
      railties (>= 3.0.0)
    ffi (1.10.0)
    fssm (0.2.10)
    gherkin (5.1.0)
    hike (1.2.3)
    i18n (0.9.5)
      concurrent-ruby (~> 1.0)
    jettywrapper (2.0.5)
      activesupport (>= 3.0.0)
      childprocess
      i18n
      rubyzip (~> 1.0)
    jmespath (1.4.0)
    journey (1.0.4)
    jquery-rails (3.1.5)
      railties (>= 3.0, < 5.0)
      thor (>= 0.14, < 2.0)
    jquery-ui-rails (6.0.1)
      railties (>= 3.2.16)
    json (1.8.6)
    kaminari (0.17.0)
      actionpack (>= 3.0.0)
      activesupport (>= 3.0.0)
    launchy (2.4.3)
      addressable (~> 2.3)
    libv8 (3.16.14.19)
    mail (2.5.5)
      mime-types (~> 1.16)
      treetop (~> 1.4.8)
    marc (1.0.3)
      scrub_rb (>= 1.0.1, < 2)
      unf
    meta_request (0.6.0)
      callsite (~> 0.0, >= 0.0.11)
      rack-contrib (>= 1.1, < 3)
      railties (>= 3.0.0, < 6)
    method_source (0.9.2)
    mime-types (1.25.1)
    mimemagic (0.3.3)
    mini_mime (1.0.1)
    mini_portile (0.5.3)
    multi_json (1.13.1)
    multi_test (0.1.2)
    net-ssh (2.7.0)
    nokogiri (1.6.2)
      mini_portile (~> 0.5.2)
    polyglot (0.3.5)
    power_assert (1.1.4)
    progressbar (0.21.0)
    pry (0.12.2)
      coderay (~> 1.1.0)
      method_source (~> 0.9.0)
    pry-nav (0.3.0)
      pry (>= 0.9.10, < 0.13.0)
    public_suffix (3.0.3)
    rack (1.4.7)
    rack-cache (1.9.0)
      rack (>= 0.4)
    rack-contrib (1.8.0)
      rack (~> 1.4)
    rack-ssl (1.3.4)
      rack
    rack-test (0.6.3)
      rack (>= 1.0)
    rails (3.2.22.5)
      actionmailer (= 3.2.22.5)
      actionpack (= 3.2.22.5)
      activerecord (= 3.2.22.5)
      activeresource (= 3.2.22.5)
      activesupport (= 3.2.22.5)
      bundler (~> 1.0)
      railties (= 3.2.22.5)
    rails-footnotes (4.1.8)
      rails (>= 3.2)
    railties (3.2.22.5)
      actionpack (= 3.2.22.5)
      activesupport (= 3.2.22.5)
      rack-ssl (~> 1.3.2)
      rake (>= 0.8.7)
      rdoc (~> 3.4)
      thor (>= 0.14.6, < 2.0)
    rake (10.4.2)
    rdoc (3.12.2)
      json (~> 1.4)
    redcarpet (3.4.0)
    ref (2.0.0)
    rsolr (1.0.13)
      builder (>= 2.1.2)
    rspec-collection_matchers (1.1.3)
      rspec-expectations (>= 2.99.0.beta1)
    rspec-core (2.99.2)
    rspec-expectations (2.99.2)
      diff-lcs (>= 1.1.3, < 2.0)
    rspec-mocks (2.99.4)
    rspec-rails (2.99.0)
      actionpack (>= 3.0)
      activemodel (>= 3.0)
      activesupport (>= 3.0)
      railties (>= 3.0)
      rspec-collection_matchers
      rspec-core (~> 2.99.0)
      rspec-expectations (~> 2.99.0)
      rspec-mocks (~> 2.99.0)
    rubyzip (1.2.2)
    sass (3.2.19)
    sass-rails (3.2.6)
      railties (~> 3.2.0)
      sass (>= 3.1.10)
      tilt (~> 1.3)
    scrub_rb (1.0.1)
    sprockets (2.2.3)
      hike (~> 1.2)
      multi_json (~> 1.0)
      rack (~> 1.0)
      tilt (~> 1.1, != 1.3.0)
    sqlite3 (1.3.13)
    state_machine (1.2.0)
    syck (1.4.0)
    test-unit (3.3.2)
      power_assert
    therubyracer (0.12.3)
      libv8 (~> 3.16.14.15)
      ref
    thor (0.20.3)
    tilt (1.4.1)
    treetop (1.4.15)
      polyglot
      polyglot (>= 0.3.1)
    tzinfo (0.3.55)
    uglifier (4.1.20)
      execjs (>= 0.3.0, < 3)
    unf (0.1.4)
      unf_ext
    unf_ext (0.0.7.6)
    unicode (0.4.4.4)
    xpath (2.1.0)
      nokogiri (~> 1.3)

PLATFORMS
  ruby

DEPENDENCIES
  aruba (~> 0.8.1)
  aws-sdk (~> 2)
  blacklight (~> 4.6.3)
  blacklight_range_limit (~> 2.2.0)
  bootstrap-sass
  capybara
  carrierwave
  cmless (= 1.0.0)
  coffee-rails
  compass
  curb
  database_cleaner
  dotenv-rails (= 0.8.0)
  factory_girl_rails (~> 4.0)
  jettywrapper
  jquery-rails (~> 3.1.3)
  jquery-ui-rails
  kaminari
  launchy
  meta_request
  net-ssh (~> 2.7.0)
  nokogiri (= 1.6.2)
  progressbar (= 0.21.0)
  pry
  pry-nav
  rails (~> 3.2.16)
  rails-footnotes (>= 3.7)
  rake (= 10.4.2)
  rspec-rails (~> 2.99.0)
  sass (~> 3.2.13)
  sqlite3 (~> 1.3.6)
  state_machine
  syck
  test-unit
  therubyracer
  uglifier
  unicode

BUNDLED WITH
   1.16.1
